GEM
  remote: https://rubygems.org/
  specs:
    foreman (0.60.2)
      thor (>= 0.13.6)
    rake (10.0.2)
    subcontractor (0.4.1)
    thor (0.16.0)

PLATFORMS
  ruby

DEPENDENCIES
  foreman (= 0.60.2)
  rake (= 10.0.2)
  subcontractor (= 0.4.1)
